PATH
  remote: .
  specs:
    minitest-warning (0.1.0)
      minitest

GEM
  remote: https://rubygems.org/
  specs:
    byebug (10.0.2)
    minitest (5.11.3)
    rake (12.3.1)

PLATFORMS
  ruby

DEPENDENCIES
  bundler
  byebug
  minitest-warning!
  rake

BUNDLED WITH
   2.0.0.pre.2
